GIT
  remote: https://github.com/cloudfoundry/cf-message-bus.git
  revision: b48eeb4357bd4b24121d7454b2edc81cbb91f2d8
  specs:
    cf-message-bus (0.3.0)
      eventmachine (~> 1.0.0)
      nats (>= 0.5.0.beta.16, < 0.6)
      vcap-concurrency
      yajl-ruby

GIT
  remote: https://github.com/cloudfoundry/vcap-common.git
  revision: 4ad156de3fcb51742f8539fd3da570da3862941e
  specs:
    vcap_common (3.0.0)
      addressable (~> 2.2)
      em-http-request (~> 1.0)
      eventmachine
      httpclient
      membrane (~> 0.0.2)
      mime-types
      multipart-post
      nats (>= 0.5.0.beta.12, < 0.6)
      posix-spawn (~> 0.3.6)
      squash_ruby
      steno
      thin
      uuidtools
      vmstat (~> 2.0)
      yajl-ruby

GEM
  remote: https://rubygems.org/
  specs:
    addressable (2.3.5)
    aws-sdk (2.0.39)
      aws-sdk-resources (= 2.0.39)
    aws-sdk-core (2.0.39)
      builder (~> 3.0)
      jmespath (~> 1.0)
      multi_json (~> 1.0)
    aws-sdk-resources (2.0.39)
      aws-sdk-core (= 2.0.39)
    builder (3.2.2)
    ci_reporter (1.9.0)
      builder (>= 2.1.2)
    codeclimate-test-reporter (0.3.0)
      simplecov (>= 0.7.1, < 1.0.0)
    cookiejar (0.3.0)
    crack (0.4.2)
      safe_yaml (~> 1.0.0)
    daemons (1.1.9)
    diff-lcs (1.2.5)
    docile (1.1.5)
    em-http-request (1.1.2)
      addressable (>= 2.3.4)
      cookiejar
      em-socksify (>= 0.3)
      eventmachine (>= 1.0.3)
      http_parser.rb (>= 0.6.0)
    em-socksify (0.3.0)
      eventmachine (>= 1.0.0.beta.4)
    eventmachine (1.0.3)
    fluent-logger (0.4.6)
      msgpack (>= 0.4.4, < 0.6.0, != 0.5.3, != 0.5.2, != 0.5.1, != 0.5.0)
      yajl-ruby (~> 1.0)
    gelf (1.4.0)
      json
    grape (0.2.1.1)
      hashie (~> 1.2)
      multi_json
      multi_xml (>= 0.5.2)
      rack
      rack-mount
    hashie (1.2.0)
    http_parser.rb (0.6.0)
    httparty (0.11.0)
      multi_json (~> 1.0)
      multi_xml (>= 0.5.2)
    httpclient (2.3.4.1)
    jmespath (1.0.2)
      multi_json (~> 1.0)
    json (1.7.7)
    json_pure (1.8.1)
    membrane (0.0.2)
    mime-types (2.1)
    msgpack (0.5.5)
    multi_json (1.11.0)
    multi_xml (0.5.4)
    multipart-post (2.0.0)
    nats (0.5.0.beta.16)
      daemons (~> 1.1, >= 1.1.9)
      eventmachine (~> 1.0, >= 1.0.3)
      json_pure (~> 1.8, >= 1.8.1)
      thin (~> 1.6, >= 1.6.3)
    posix-spawn (0.3.8)
    rack (1.5.2)
    rack-mount (0.8.3)
      rack (>= 1.0.0)
    rake (0.9.2.2)
    rspec (2.14.1)
      rspec-core (~> 2.14.0)
      rspec-expectations (~> 2.14.0)
      rspec-mocks (~> 2.14.0)
    rspec-core (2.14.7)
    rspec-expectations (2.14.4)
      diff-lcs (>= 1.1.3, < 2.0)
    rspec-mocks (2.14.4)
    safe_yaml (1.0.4)
    simplecov (0.9.0)
      docile (~> 1.1.0)
      multi_json
      simplecov-html (~> 0.8.0)
    simplecov-html (0.8.0)
    squash_ruby (1.4.0)
      json
    steno (1.1.0)
      fluent-logger
      grape
      yajl-ruby (~> 1.0)
    thin (1.6.3)
      daemons (~> 1.0, >= 1.0.9)
      eventmachine (~> 1.0)
      rack (~> 1.0)
    timecop (0.6.3)
    uuidtools (2.1.3)
    vcap-concurrency (0.1.0)
    vmstat (2.1.0)
    webmock (1.17.4)
      addressable (>= 2.2.7)
      crack (>= 0.3.2)
    yajl-ruby (1.2.1)

PLATFORMS
  ruby

DEPENDENCIES
  aws-sdk (~> 2)
  cf-message-bus!
  ci_reporter
  codeclimate-test-reporter
  gelf (= 1.4.0)
  httparty
  rake
  rspec
  steno
  timecop
  vcap_common!
  webmock

BUNDLED WITH
   1.10.6
